GEM
  remote: https://rubygems.org/
  specs:
    date (1.0.0)
    discourse_api (0.27.0)
      faraday (~> 0.9)
      faraday_middleware (~> 0.10)
      rack (>= 1.6)
    dotenv (2.5.0)
    faraday (0.15.3)
      multipart-post (>= 1.2, < 3)
    faraday_middleware (0.12.2)
      faraday (>= 0.7.4, < 1.0)
    logger (1.2.8)
    multipart-post (2.0.0)
    rack (2.0.5)

PLATFORMS
  ruby

DEPENDENCIES
  date
  discourse_api
  dotenv
  logger

BUNDLED WITH
   1.16.5
